GEM
  remote: https://rubygems.org/
  specs:
    amq-protocol (2.3.0)
    bunny (2.14.3)
      amq-protocol (~> 2.3, >= 2.3.0)
    httpclient (2.8.3)
    mustermann (1.0.3)
    rack (2.0.7)
    rack-protection (2.0.7)
      rack
    sinatra (2.0.7)
      mustermann (~> 1.0)
      rack (~> 2.0)
      rack-protection (= 2.0.7)
      tilt (~> 2.0)
    tilt (2.0.10)

PLATFORMS
  ruby

DEPENDENCIES
  bunny
  httpclient
  sinatra

RUBY VERSION
   ruby 2.4.5p335

BUNDLED WITH
   1.17.3
